GEM
  remote: http://rubygems.org/
  specs:
    dotenv (2.2.0)
    rake (12.0.0)
    sass (3.4.23)
    scss_lint (0.52.0)
      rake (>= 0.9, < 13)
      sass (~> 3.4.20)

PLATFORMS
  ruby

DEPENDENCIES
  dotenv
  scss_lint

BUNDLED WITH
   1.14.3
